GEM
  remote: http://rubygems.org/
  specs:
    actionmailer (3.1.1)
      actionpack (= 3.1.1)
      mail (~> 2.3.0)
    actionpack (3.1.1)
      activemodel (= 3.1.1)
      activesupport (= 3.1.1)
      builder (~> 3.0.0)
      erubis (~> 2.7.0)
      i18n (~> 0.6)
      rack (~> 1.3.2)
      rack-cache (~> 1.1)
      rack-mount (~> 0.8.2)
      rack-test (~> 0.6.1)
      sprockets (~> 2.0.2)
    activemodel (3.1.1)
      activesupport (= 3.1.1)
      builder (~> 3.0.0)
      i18n (~> 0.6)
    activerecord (3.1.1)
      activemodel (= 3.1.1)
      activesupport (= 3.1.1)
      arel (~> 2.2.1)
      tzinfo (~> 0.3.29)
    activeresource (3.1.1)
      activemodel (= 3.1.1)
      activesupport (= 3.1.1)
    activesupport (3.1.1)
      multi_json (~> 1.0)
    acts_as_commentable (3.0.1)
    addressable (2.2.6)
    arel (2.2.1)
    authlogic (3.0.3)
      activerecord (>= 3.0.7)
      activerecord (>= 3.0.7)
    barista (1.1.0)
      coffee-script (~> 2.1)
    builder (3.0.0)
    cancan (1.6.7)
    coffee-haml-filter (0.4.0)
      haml
    coffee-script (2.1.3)
      coffee-script-source
    coffee-script-source (1.1.2)
    composite_primary_keys (4.0.0)
      activerecord (~> 3.1.0)
    daemon_controller (0.2.6)
    default_value_for (1.0.6)
    diff-lcs (1.1.3)
    em-websocket (0.3.1)
      addressable (>= 2.1.1)
      eventmachine (>= 0.12.9)
    erubis (2.7.0)
    eventmachine (0.12.10)
    fastthread (1.0.7)
    foreigner (1.1.1)
      activerecord (>= 3.0.0)
    formtastic (2.0.2)
      rails (~> 3.0)
    geokit (1.6.0)
    haml (3.1.3)
    has_scope (0.5.1)
    hike (1.2.1)
    hpricot (0.8.4)
    i18n (0.6.0)
    jquery-rails (1.0.16)
      railties (~> 3.0)
      thor (~> 0.14)
    json (1.6.1)
    mail (2.3.0)
      i18n (>= 0.4.0)
      mime-types (~> 1.16)
      treetop (~> 1.4.8)
    mime-types (1.16)
    multi_json (1.0.3)
    mysql (2.8.1)
    mysql2 (0.3.7)
    passenger (3.0.7)
      daemon_controller (>= 0.2.5)
      fastthread (>= 1.0.1)
      rack
      rake (>= 0.8.1)
    pg (0.11.0)
    polyglot (0.3.2)
    rack (1.3.4)
    rack-cache (1.1)
      rack (>= 0.4)
    rack-coffee (0.9.1)
      rack
    rack-mount (0.8.3)
      rack (>= 1.0.0)
    rack-ssl (1.3.2)
      rack
    rack-test (0.6.1)
      rack (>= 1.0)
    rails (3.1.1)
      actionmailer (= 3.1.1)
      actionpack (= 3.1.1)
      activerecord (= 3.1.1)
      activeresource (= 3.1.1)
      activesupport (= 3.1.1)
      bundler (~> 1.0)
      railties (= 3.1.1)
    railties (3.1.1)
      actionpack (= 3.1.1)
      activesupport (= 3.1.1)
      rack-ssl (~> 1.3.2)
      rake (>= 0.8.7)
      rdoc (~> 3.4)
      thor (~> 0.14.6)
    rake (0.9.2)
    rdoc (3.10)
      json (~> 1.4)
    rmagick (2.13.1)
    robustthread (0.5.2)
    rspec (2.6.0)
      rspec-core (~> 2.6.0)
      rspec-expectations (~> 2.6.0)
      rspec-mocks (~> 2.6.0)
    rspec-core (2.6.4)
    rspec-expectations (2.6.0)
      diff-lcs (~> 1.1.2)
    rspec-mocks (2.6.0)
    sass (3.1.10)
    simple-navigation (3.5.0)
      activesupport (>= 2.3.2)
    sprockets (2.0.2)
      hike (~> 1.2)
      rack (~> 1.0)
      tilt (~> 1.1, != 1.3.0)
    technical_graph (0.3.1)
      rmagick
    thor (0.14.6)
    tilt (1.3.3)
    treetop (1.4.10)
      polyglot
      polyglot (>= 0.3.1)
    tzinfo (0.3.30)
    will_paginate (3.0.2)

PLATFORMS
  ruby

DEPENDENCIES
  acts_as_commentable
  authlogic
  barista
  cancan
  coffee-haml-filter
  coffee-script (~> 2.1.1)
  composite_primary_keys
  default_value_for
  em-websocket
  foreigner
  formtastic
  geokit
  haml
  has_scope
  hpricot
  jquery-rails
  json
  mysql
  mysql2
  passenger (= 3.0.7)
  pg
  rack
  rack-coffee
  rails (= 3.1.1)
  rake
  robustthread
  rspec
  sass
  simple-navigation
  technical_graph (= 0.3.1)
  will_paginate
