GEM
  remote: http://rubygems.org/
  specs:
    abstract (1.0.0)
    actionmailer (3.0.9)
      actionpack (= 3.0.9)
      mail (~> 2.2.19)
    actionpack (3.0.9)
      activemodel (= 3.0.9)
      activesupport (= 3.0.9)
      builder (~> 2.1.2)
      erubis (~> 2.6.6)
      i18n (~> 0.5.0)
      rack (~> 1.2.1)
      rack-mount (~> 0.6.14)
      rack-test (~> 0.5.7)
      tzinfo (~> 0.3.23)
    activemodel (3.0.9)
      activesupport (= 3.0.9)
      builder (~> 2.1.2)
      i18n (~> 0.5.0)
    activerecord (3.0.9)
      activemodel (= 3.0.9)
      activesupport (= 3.0.9)
      arel (~> 2.0.10)
      tzinfo (~> 0.3.23)
    activeresource (3.0.9)
      activemodel (= 3.0.9)
      activesupport (= 3.0.9)
    activesupport (3.0.9)
    acts_as_commentable (3.0.1)
    addressable (2.2.6)
    arel (2.0.10)
    authlogic (3.0.3)
      activerecord (>= 3.0.7)
      activerecord (>= 3.0.7)
    barista (1.1.0)
      coffee-script (~> 2.1)
    builder (2.1.2)
    cancan (1.6.5)
    coffee-haml-filter (0.4.0)
      haml
    coffee-script (2.1.3)
      coffee-script-source
    coffee-script-source (1.1.2)
    composite_primary_keys (3.1.10)
      activerecord (>= 3.0.5, ~> 3.0.0)
    daemon_controller (0.2.6)
    default_value_for (1.0.6)
    diff-lcs (1.1.3)
    em-websocket (0.3.1)
      addressable (>= 2.1.1)
      eventmachine (>= 0.12.9)
    erubis (2.6.6)
      abstract (>= 1.0.0)
    eventmachine (0.12.10)
    fastthread (1.0.7)
    foreigner (1.1.1)
      activerecord (>= 3.0.0)
    formtastic (1.2.4)
      actionpack (>= 2.3.7)
      activesupport (>= 2.3.7)
      i18n (~> 0.4)
    geokit (1.6.0)
    git (1.2.5)
    haml (3.1.3)
    hpricot (0.8.4)
    i18n (0.5.0)
    jeweler (1.6.4)
      bundler (~> 1.0)
      git (>= 1.2.5)
      rake
    jquery-rails (1.0.14)
      railties (~> 3.0)
      thor (~> 0.14)
    json (1.6.1)
    mail (2.2.19)
      activesupport (>= 2.3.6)
      i18n (>= 0.4.0)
      mime-types (~> 1.16)
      treetop (~> 1.4.8)
    mime-types (1.16)
    mysql (2.8.1)
    mysql2 (0.3.7)
    passenger (3.0.7)
      daemon_controller (>= 0.2.5)
      fastthread (>= 1.0.1)
      rack
      rake (>= 0.8.1)
    pg (0.11.0)
    polyglot (0.3.2)
    rack (1.2.1)
    rack-coffee (0.9.1)
      rack
    rack-mount (0.6.14)
      rack (>= 1.0.0)
    rack-test (0.5.7)
      rack (>= 1.0)
    rails (3.0.9)
      actionmailer (= 3.0.9)
      actionpack (= 3.0.9)
      activerecord (= 3.0.9)
      activeresource (= 3.0.9)
      activesupport (= 3.0.9)
      bundler (~> 1.0)
      railties (= 3.0.9)
    railties (3.0.9)
      actionpack (= 3.0.9)
      activesupport (= 3.0.9)
      rake (>= 0.8.7)
      rdoc (~> 3.4)
      thor (~> 0.14.4)
    rake (0.9.2)
    rdoc (3.9.4)
    rmagick (2.13.1)
    robustthread (0.5.2)
    rspec (2.6.0)
      rspec-core (~> 2.6.0)
      rspec-expectations (~> 2.6.0)
      rspec-mocks (~> 2.6.0)
    rspec-core (2.6.4)
    rspec-expectations (2.6.0)
      diff-lcs (~> 1.1.2)
    rspec-mocks (2.6.0)
    sass (3.1.7)
    simple-navigation (3.5.0)
      activesupport (>= 2.3.2)
    technical_graph (0.0.1)
      jeweler
      rmagick
    thor (0.14.6)
    treetop (1.4.10)
      polyglot
      polyglot (>= 0.3.1)
    tzinfo (0.3.29)
    will_paginate (3.0.1)

PLATFORMS
  ruby

DEPENDENCIES
  acts_as_commentable
  authlogic
  barista
  cancan
  coffee-haml-filter
  coffee-script (~> 2.1.1)
  composite_primary_keys
  default_value_for
  em-websocket
  foreigner
  formtastic
  geokit
  haml
  hpricot
  jquery-rails
  json
  mysql
  mysql2
  passenger (= 3.0.7)
  pg
  rack (= 1.2.1)
  rack-coffee
  rails (= 3.0.9)
  rake
  robustthread
  rspec
  sass
  simple-navigation
  technical_graph
  will_paginate (>= 3.0.pre4)
