GEM
  remote: http://rubygems.org/
  specs:
    git (1.2.5)
    haml (3.1.4)
    jeweler (1.6.0)
      bundler (~> 1.0.0)
      git (>= 1.2.5)
      rake
    plasmoid (0.0.4)
      jeweler (= 1.6.0)
    rake (0.9.2.2)
    zip (2.0.2)

PLATFORMS
  ruby

DEPENDENCIES
  haml
  plasmoid
  zip
